GEM
  remote: https://rubygems.org/
  specs:
    cinch (2.0.7)
    coderay (1.0.9)
    hashie (2.0.5)
    htmlentities (4.3.1)
    method_source (0.8.2)
    mime-types (1.25)
    nokogiri (1.4.7)
    opengraph (0.0.4)
      hashie
      nokogiri (~> 1.4.0)
      rest-client (~> 1.6.0)
    pry (0.9.12.2)
      coderay (~> 1.0.5)
      method_source (~> 0.8)
      slop (~> 3.4)
    rest-client (1.6.7)
      mime-types (>= 1.16)
    slop (3.4.6)

PLATFORMS
  ruby

DEPENDENCIES
  cinch
  htmlentities
  opengraph
  pry
