GEM
  remote: https://rubygems.org/
  specs:
    cinch (2.1.0)
    coderay (1.1.0)
    hashie (3.3.1)
    htmlentities (4.3.2)
    json (1.8.1)
    method_source (0.8.2)
    mime-types (1.25.1)
    nokogiri (1.4.7)
    opengraph (0.0.4)
      hashie
      nokogiri (~> 1.4.0)
      rest-client (~> 1.6.0)
    pry (0.10.1)
      coderay (~> 1.1.0)
      method_source (~> 0.8.1)
      slop (~> 3.4)
    rdoc (4.1.2)
      json (~> 1.4)
    rest-client (1.6.8)
      mime-types (~> 1.16)
      rdoc (>= 2.4.2)
    slop (3.6.0)

PLATFORMS
  ruby

DEPENDENCIES
  cinch
  htmlentities
  opengraph
  pry
