GEM
  remote: https://rubygems.org/
  specs:
    cinch (2.2.5)
    coderay (1.1.0)
    ffi (1.9.10)
    gdbm (1.3.1)
    hashie (3.4.2)
    htmlentities (4.3.3)
    method_source (0.8.2)
    mime-types (1.25.1)
    nokogiri (1.5.11)
    opengraph (0.0.4)
      hashie
      nokogiri (~> 1.5.0)
      rest-client (~> 1.6.0)
    pry (0.10.1)
      coderay (~> 1.1.0)
      method_source (~> 0.8.1)
      slop (~> 3.4)
    rest-client (1.6.9)
      mime-types (~> 1.16)
    slop (3.6.0)

PLATFORMS
  ruby

DEPENDENCIES
  cinch
  ffi
  gdbm
  htmlentities
  opengraph
  pry

BUNDLED WITH
   1.12.4
